GEM
  remote: https://rubygems.org/
  specs:
    dotenv (0.7.0)
    haml (4.0.2)
      tilt
    httparty (0.11.0)
      multi_json (~> 1.0)
      multi_xml (>= 0.5.2)
    multi_json (1.7.2)
    multi_xml (0.5.3)
    rack (1.4.5)
    rack-protection (1.2.0)
      rack
    redis (3.0.4)
    sinatra (1.3.3)
      rack (~> 1.3, >= 1.3.6)
      rack-protection (~> 1.2)
      tilt (~> 1.3, >= 1.3.3)
    sinatra-partial (0.4.0)
      sinatra
    tilt (1.3.7)

PLATFORMS
  ruby

DEPENDENCIES
  dotenv
  haml
  httparty
  redis
  sinatra
  sinatra-partial
